GEM
  remote: http://rubygems.org/
  specs:
    SystemTimer (1.2.3)
    activemodel (3.0.10)
      activesupport (= 3.0.10)
      builder (~> 2.1.2)
      i18n (~> 0.5.0)
    activerecord (3.0.10)
      activemodel (= 3.0.10)
      activesupport (= 3.0.10)
      arel (~> 2.0.10)
      tzinfo (~> 0.3.23)
    activesupport (3.0.10)
    arel (2.0.10)
    async_sinatra (0.5.0)
      rack (>= 1.2.1)
      sinatra (>= 1.0)
    builder (2.1.2)
    daemons (1.1.4)
    eventmachine (0.12.10)
    haml (3.1.2)
    i18n (0.5.0)
    json (1.5.3)
    pg (0.11.0)
    rack (1.3.2)
    rake (0.9.2)
    redis (2.2.2)
    redis-objects (0.5.1)
      redis (>= 2.1.1)
    sass (3.1.7)
    sinatra (1.2.6)
      rack (~> 1.1)
      tilt (< 2.0, >= 1.2.2)
    sinatra-activerecord (0.1.3)
      sinatra (>= 0.9.4)
    sinatra-settings (0.1.2)
      sinatra (>= 1.0)
    sqlite3 (1.3.3)
    thin (1.2.11)
      daemons (>= 1.0.9)
      eventmachine (>= 0.12.6)
      rack (>= 1.0.0)
    tilt (1.3.2)
    tzinfo (0.3.29)

PLATFORMS
  ruby

DEPENDENCIES
  SystemTimer
  activerecord
  async_sinatra
  eventmachine
  haml
  json
  pg
  rake
  redis
  redis-objects
  sass
  sinatra
  sinatra-activerecord
  sinatra-settings
  sqlite3
  thin
