GIT
  remote: git://github.com/rack/rack-contrib.git
  revision: 6f337267eae0bedb4110879f2aea6b1bb2137980
  specs:
    rack-contrib (1.2.0)
      rack (>= 0.9.1)

GIT
  remote: git://github.com/rack/rack.git
  revision: b0e81f6155645563b2522eb2404235511d9d8a70
  specs:
    rack (1.5.1)

GEM
  remote: http://rubygems.org/
  specs:
    SystemTimer (1.2.3)
    actionpack (1.4.0)
    activesupport (3.2.11)
      i18n (~> 0.6)
      multi_json (~> 1.0)
    async_sinatra (1.0.0)
      rack (>= 1.4.1)
      sinatra (>= 1.3.2)
    daemons (1.1.9)
    eventmachine (1.0.0)
    haml (3.1.7)
    hiredis (0.3.2)
    i18n (0.6.1)
    json (1.7.6)
    multi_json (1.5.0)
    net-dns (0.7.1)
    rack-flash (0.1.2)
      rack
    rack-flash3 (1.0.3)
      rack
      rack
    rack-protection (1.3.2)
      rack
    rake (10.0.3)
    redis (3.0.2)
    sass (3.2.5)
    sinatra (1.3.4)
      rack (~> 1.4)
      rack-protection (~> 1.3)
      tilt (~> 1.3, >= 1.3.3)
    sinatra-settings (0.1.2)
      sinatra (>= 1.0)
    sinatra-static-assets (1.0.4)
      sinatra (>= 1.1.0)
    thin (1.5.0)
      daemons (>= 1.0.9)
      eventmachine (>= 0.12.6)
      rack (>= 1.0.0)
    tilt (1.3.3)

PLATFORMS
  ruby

DEPENDENCIES
  SystemTimer
  actionpack
  activesupport
  async_sinatra
  eventmachine
  haml
  hiredis (~> 0.3.1)
  json
  net-dns
  rack!
  rack-contrib!
  rack-flash
  rack-flash3
  rake
  redis (>= 2.2.0)
  sass
  sinatra
  sinatra-settings
  sinatra-static-assets
  thin
